GEM
  remote: http://rubygems.org/
  specs:
    diff-lcs (1.2.4)
    facter (1.7.3)
    hiera (1.1.2)
      json_pure
    hiera-puppet (1.0.0)
      hiera (~> 1.0)
    json_pure (1.7.7)
    metaclass (0.0.1)
    mocha (0.14.0)
      metaclass (~> 0.0.1)
    puppet (2.7.23)
      facter (~> 1.5)
    puppet-lint (0.1.13)
    puppetlabs_spec_helper (0.4.1)
      mocha (>= 0.10.5)
      rake
      rspec (>= 2.9.0)
      rspec-puppet (>= 0.1.1)
    rake (12.3.3)
    rspec (2.14.1)
      rspec-core (~> 2.14.0)
      rspec-expectations (~> 2.14.0)
      rspec-mocks (~> 2.14.0)
    rspec-core (2.14.5)
    rspec-expectations (2.14.3)
      diff-lcs (>= 1.1.3, < 2.0)
    rspec-mocks (2.14.3)
    rspec-puppet (0.1.6)
      rspec

PLATFORMS
  ruby

DEPENDENCIES
  hiera-puppet
  puppet (~> 2.7.11)
  puppet-lint
  puppetlabs_spec_helper
  rake
  rspec-puppet
